GEM
  specs:
    haml (3.1.4)
    nokogiri (1.5.0)
    rack (1.4.1)
    sinatra (1.2.8)
      rack (~> 1.1)
      tilt (< 2.0, >= 1.2.2)
    tilt (1.3.3)

PLATFORMS
  ruby

DEPENDENCIES
  haml
  nokogiri
  sinatra
